GEM
  remote: https://rubygems.org/
  specs:
    ffi (1.17.0-aarch64-linux-gnu)
    listen (3.9.0)
      rb-fsevent (~> 0.10, >= 0.10.3)
      rb-inotify (~> 0.9, >= 0.9.10)
    nio4r (2.7.4)
    puma (6.5.0)
      nio4r (~> 2.0)
    rack (3.1.8)
    rack-reloader (0.5.0)
    rb-fsevent (0.11.2)
    rb-inotify (0.11.1)
      ffi (~> 1.0)

PLATFORMS
  aarch64-linux
  ruby

DEPENDENCIES
  listen
  puma
  rack
  rack-reloader

BUNDLED WITH
   2.5.22
